PATH
  remote: .
  specs:
    omniauth_crowd_sso (2.0.1)
      nokogiri (>= 1.4.4)
      omniauth (~> 1.0)

GEM
  remote: http://rubygems.org/
  specs:
    addressable (2.2.4)
    crack (0.1.8)
    diff-lcs (1.1.2)
    hashie (1.2.0)
    nokogiri (1.5.2)
    omniauth (1.1.0)
      hashie (~> 1.2)
      rack
    rack (1.2.2)
    rack-test (0.5.7)
      rack (>= 1.0)
    rake (0.8.7)
    rspec (2.5.0)
      rspec-core (~> 2.5.0)
      rspec-expectations (~> 2.5.0)
      rspec-mocks (~> 2.5.0)
    rspec-core (2.5.1)
    rspec-expectations (2.5.0)
      diff-lcs (~> 1.1.2)
    rspec-mocks (2.5.0)
    webmock (1.3.5)
      addressable (>= 2.1.1)
      crack (>= 0.1.7)

PLATFORMS
  ruby

DEPENDENCIES
  bundler (~> 1.1.0)
  omniauth_crowd_sso!
  rack
  rack-test
  rake
  rspec (~> 2.5.0)
  webmock (~> 1.3.4)
